GEM
  remote: https://rubygems.org/
  specs:
    activesupport (6.1.3)
      concurrent-ruby (~> 1.0, >= 1.0.2)
      i18n (>= 1.6, < 2)
      minitest (>= 5.1)
      tzinfo (~> 2.0)
      zeitwerk (~> 2.3)
    addressable (2.7.0)
      public_suffix (>= 2.0.2, < 5.0)
    ast (2.4.2)
    bcp47 (0.3.3)
      i18n
    builder (3.2.4)
    byebug (11.1.3)
    concurrent-ruby (1.1.8)
    connection_pool (2.2.3)
    diff-lcs (1.4.4)
    dry-configurable (0.12.1)
      concurrent-ruby (~> 1.0)
      dry-core (~> 0.5, >= 0.5.0)
    dry-container (0.7.2)
      concurrent-ruby (~> 1.0)
      dry-configurable (~> 0.1, >= 0.1.3)
    dry-core (0.5.0)
      concurrent-ruby (~> 1.0)
    dry-equalizer (0.3.0)
    dry-inflector (0.2.0)
    dry-logic (1.1.0)
      concurrent-ruby (~> 1.0)
      dry-core (~> 0.5, >= 0.5)
    dry-monads (1.3.5)
      concurrent-ruby (~> 1.0)
      dry-core (~> 0.4, >= 0.4.4)
      dry-equalizer
    dry-struct (1.4.0)
      dry-core (~> 0.5, >= 0.5)
      dry-types (~> 1.5)
      ice_nine (~> 0.11)
    dry-types (1.5.1)
      concurrent-ruby (~> 1.0)
      dry-container (~> 0.3)
      dry-core (~> 0.5, >= 0.5)
      dry-inflector (~> 0.1, >= 0.1.2)
      dry-logic (~> 1.0, >= 1.0.2)
    ebnf (2.1.2)
      htmlentities (~> 4.3)
      rdf (~> 3.1)
      scanf (~> 1.0)
      sxp (~> 1.1)
    equivalent-xml (0.6.0)
      nokogiri (>= 1.4.3)
    haml (5.2.1)
      temple (>= 0.8.0)
      tilt
    hamster (3.0.0)
      concurrent-ruby (~> 1.0)
    htmlentities (4.3.4)
    i18n (1.8.9)
      concurrent-ruby (~> 1.0)
    ice_nine (0.11.2)
    json-canonicalization (0.2.1)
    json-ld (3.1.9)
      htmlentities (~> 4.3)
      json-canonicalization (~> 0.2)
      link_header (~> 0.0, >= 0.0.8)
      multi_json (~> 1.14)
      rack (~> 2.0)
      rdf (~> 3.1)
    json-ld-preloaded (3.1.4)
      json-ld (~> 3.1)
      rdf (~> 3.1)
    ld-patch (3.1.3)
      ebnf (~> 2.1)
      rdf (~> 3.1)
      rdf-xsd (~> 3.1)
      sparql (~> 3.1)
      sxp (~> 1.1)
    link_header (0.0.8)
    linkeddata (3.1.4)
      equivalent-xml (~> 0.6)
      json-ld (~> 3.1, >= 3.1.7)
      json-ld-preloaded (~> 3.1, >= 3.1.4)
      ld-patch (~> 3.1, >= 3.1.2)
      nokogiri (~> 1.10)
      nokogumbo (~> 2.0)
      rdf (~> 3.1, >= 3.1.8)
      rdf-aggregate-repo (~> 3.1)
      rdf-isomorphic (~> 3.1)
      rdf-json (~> 3.1)
      rdf-microdata (~> 3.1, >= 3.1.1)
      rdf-n3 (~> 3.1, >= 3.1.2)
      rdf-normalize (~> 0.4)
      rdf-ordered-repo (~> 3.1, >= 3.1.1)
      rdf-rdfa (~> 3.1, >= 3.1.2)
      rdf-rdfxml (~> 3.1)
      rdf-reasoner (~> 0.6, >= 0.6.2)
      rdf-tabular (~> 3.1, >= 3.1.1)
      rdf-trig (~> 3.1, >= 3.1.1)
      rdf-trix (~> 3.1)
      rdf-turtle (~> 3.1, >= 3.1.3)
      rdf-vocab (~> 3.1, >= 3.1.10)
      rdf-xsd (~> 3.1)
      shacl (~> 0.1, >= 0.1.0)
      shex (~> 0.6, >= 0.6.1)
      sparql (~> 3.1, >= 3.1.4)
      sparql-client (~> 3.1, >= 3.1.1)
    mini_portile2 (2.5.0)
    minitest (5.14.4)
    multi_json (1.15.0)
    net-http-persistent (4.0.1)
      connection_pool (~> 2.2)
    nokogiri (1.11.1)
      mini_portile2 (~> 2.5.0)
      racc (~> 1.4)
    nokogiri (1.11.1-x86_64-darwin)
      racc (~> 1.4)
    nokogumbo (2.0.4)
      nokogiri (~> 1.8, >= 1.8.4)
    parallel (1.20.1)
    parser (3.0.0.0)
      ast (~> 2.4.1)
    public_suffix (4.0.6)
    racc (1.5.2)
    rack (2.2.3)
    rainbow (3.0.0)
    rdf (3.1.12)
      hamster (~> 3.0)
      link_header (~> 0.0, >= 0.0.8)
    rdf-aggregate-repo (3.1.0)
      rdf (~> 3.1)
    rdf-isomorphic (3.1.1)
      rdf (~> 3.1)
    rdf-json (3.1.0)
      rdf (~> 3.1)
    rdf-microdata (3.1.1)
      htmlentities (~> 4.3)
      nokogiri (~> 1.10)
      rdf (~> 3.1)
      rdf-xsd (~> 3.1)
    rdf-n3 (3.1.2)
      ebnf (~> 2.1)
      rdf (~> 3.1, >= 3.1.8)
      sparql (~> 3.1, >= 3.1.4)
      sxp (~> 1.1)
    rdf-normalize (0.4.0)
      rdf (~> 3.1)
    rdf-ordered-repo (3.1.1)
      rdf (~> 3.1)
    rdf-rdfa (3.1.2)
      haml (~> 5.1)
      htmlentities (~> 4.3)
      rdf (~> 3.1, >= 3.1.2)
      rdf-aggregate-repo (~> 3.1)
      rdf-vocab (~> 3.1, >= 3.1.5)
      rdf-xsd (~> 3.1)
    rdf-rdfxml (3.1.1)
      htmlentities (~> 4.3)
      rdf (~> 3.1)
      rdf-rdfa (~> 3.1)
      rdf-xsd (~> 3.1)
    rdf-reasoner (0.7.1)
      rdf (~> 3.1, >= 3.1.12)
      rdf-xsd (~> 3.1)
    rdf-tabular (3.1.1)
      addressable (~> 2.3)
      bcp47 (~> 0.3, >= 0.3.3)
      json-ld (~> 3.1)
      rdf (~> 3.1)
      rdf-vocab (~> 3.1)
      rdf-xsd (~> 3.1)
    rdf-trig (3.1.2)
      ebnf (~> 2.1)
      rdf (~> 3.1)
      rdf-turtle (~> 3.1)
    rdf-trix (3.1.0)
      rdf (~> 3.1)
    rdf-turtle (3.1.3)
      ebnf (~> 2.1)
      rdf (~> 3.1, >= 3.1.8)
    rdf-vocab (3.1.11)
      rdf (~> 3.1, >= 3.1.12)
    rdf-xsd (3.1.1)
      rdf (~> 3.1)
      rexml (~> 3.2)
    regexp_parser (2.1.1)
    rexml (3.2.4)
    rspec (3.10.0)
      rspec-core (~> 3.10.0)
      rspec-expectations (~> 3.10.0)
      rspec-mocks (~> 3.10.0)
    rspec-core (3.10.1)
      rspec-support (~> 3.10.0)
    rspec-expectations (3.10.1)
      diff-lcs (>= 1.2.0, < 2.0)
      rspec-support (~> 3.10.0)
    rspec-mocks (3.10.2)
      diff-lcs (>= 1.2.0, < 2.0)
      rspec-support (~> 3.10.0)
    rspec-support (3.10.2)
    rubocop (1.9.1)
      parallel (~> 1.10)
      parser (>= 3.0.0.0)
      rainbow (>= 2.2.2, < 4.0)
      regexp_parser (>= 1.8, < 3.0)
      rexml
      rubocop-ast (>= 1.2.0, < 2.0)
      ruby-progressbar (~> 1.7)
      unicode-display_width (>= 1.4.0, < 3.0)
    rubocop-ast (1.4.1)
      parser (>= 2.7.1.5)
    rubocop-rspec (2.2.0)
      rubocop (~> 1.0)
      rubocop-ast (>= 1.1.0)
    ruby-progressbar (1.11.0)
    scanf (1.0.0)
    shacl (0.1.1)
      json-ld (~> 3.1, >= 3.1.7)
      rdf (~> 3.1, >= 3.1.8)
      sparql (~> 3.1)
      sxp (~> 1.1)
    shex (0.6.1)
      ebnf (~> 2.0)
      json-ld (~> 3.1)
      json-ld-preloaded (~> 3.1)
      rdf (~> 3.1)
      rdf-xsd (~> 3.1)
      sparql (~> 3.1)
      sxp (~> 1.1)
    sparql (3.1.5)
      builder (~> 3.2)
      ebnf (~> 2.1)
      rdf (~> 3.1, >= 3.1.8)
      rdf-aggregate-repo (~> 3.1)
      rdf-xsd (~> 3.1)
      sparql-client (~> 3.1, >= 3.1.2)
      sxp (~> 1.1)
    sparql-client (3.1.2)
      net-http-persistent (~> 4.0, >= 4.0.1)
      rdf (~> 3.1)
    sxp (1.1.0)
      rdf (~> 3.1)
    temple (0.8.2)
    tilt (2.0.10)
    tzinfo (2.0.4)
      concurrent-ruby (~> 1.0)
    unicode-display_width (2.0.0)
    zeitwerk (2.4.2)

PLATFORMS
  ruby
  x86_64-darwin-19

DEPENDENCIES
  activesupport
  byebug
  dry-monads
  dry-struct
  dry-types
  linkeddata
  rspec
  rubocop
  rubocop-rspec
  zeitwerk

BUNDLED WITH
   2.2.9
